GEM
  remote: http://rubygems.org/
  specs:
    daemons (1.1.9)
    eventmachine (1.0.3)
    iron_cache (1.4.0)
      iron_core (>= 0.5.1)
    iron_core (1.0.1)
      rest (>= 2.2.0)
    mime-types (1.23)
    net-http-persistent (2.9)
    punycode4r (0.2.0)
    rack (1.5.2)
    rack-contrib (1.1.0)
      rack (>= 0.9.1)
    rack-protection (1.5.0)
      rack
    rake (10.1.0)
    rest (2.6.3)
      net-http-persistent
      rest-client (>= 0.3.0)
    rest-client (1.6.7)
      mime-types (>= 1.16)
    rmagick (2.13.2)
    sinatra (1.4.3)
      rack (~> 1.4)
      rack-protection (~> 1.4)
      tilt (~> 1.3, >= 1.3.4)
    thin (1.5.1)
      daemons (>= 1.0.9)
      eventmachine (>= 0.12.6)
      rack (>= 1.0.0)
    tilt (1.4.1)

PLATFORMS
  ruby

DEPENDENCIES
  iron_cache
  punycode4r (~> 0.2.0)
  rack-contrib
  rake
  rmagick (~> 2.13)
  sinatra (~> 1.4)
  thin (~> 1.5)
