GEM
  remote: https://rubygems.org/
  specs:
    daemons (1.1.9)
    eventmachine (1.0.4)
    newrelic_rpm (3.9.9.275)
    punycode4r (0.2.0)
    rack (1.6.0)
    rack-contrib (1.2.0)
      rack (>= 0.9.1)
    rack-protection (1.5.3)
      rack
    rake (10.4.2)
    rmagick (2.13.4)
    sinatra (1.4.5)
      rack (~> 1.4)
      rack-protection (~> 1.4)
      tilt (~> 1.3, >= 1.3.4)
    thin (1.6.3)
      daemons (~> 1.0, >= 1.0.9)
      eventmachine (~> 1.0)
      rack (~> 1.0)
    tilt (1.4.1)

PLATFORMS
  ruby

DEPENDENCIES
  newrelic_rpm
  punycode4r (~> 0.2.0)
  rack-contrib
  rake
  rmagick (~> 2.13)
  sinatra (~> 1.4)
  thin (~> 1.5)
