GEM
  remote: https://rubygems.org/
  specs:
    newrelic_rpm (3.10.0.279)
    puma (2.11.1)
      rack (>= 1.1, < 2.0)
    punycode4r (0.2.0)
    rack (1.6.0)
    rack-contrib (1.2.0)
      rack (>= 0.9.1)
    rack-protection (1.5.3)
      rack
    rake (10.4.2)
    rmagick (2.13.4)
    sinatra (1.4.5)
      rack (~> 1.4)
      rack-protection (~> 1.4)
      tilt (~> 1.3, >= 1.3.4)
    tilt (1.4.1)

PLATFORMS
  ruby

DEPENDENCIES
  newrelic_rpm
  puma (~> 2.11)
  punycode4r (~> 0.2.0)
  rack-contrib
  rake
  rmagick (~> 2.13)
  sinatra (~> 1.4)
