GEM
  remote: https://rubygems.org/
  specs:
    git-version-bump (0.15.1)
    newrelic_rpm (3.15.2.317)
    puma (3.4.0)
    punycode4r (0.2.0)
    rack (1.6.4)
    rack-contrib (1.4.0)
      git-version-bump (~> 0.15)
      rack (~> 1.4)
    rack-protection (1.5.3)
      rack
    rake (11.1.2)
    rmagick (2.15.4)
    sinatra (1.4.7)
      rack (~> 1.5)
      rack-protection (~> 1.4)
      tilt (>= 1.3, < 3)
    tilt (2.0.2)

PLATFORMS
  ruby

DEPENDENCIES
  newrelic_rpm
  puma (~> 3.4)
  punycode4r (~> 0.2.0)
  rack-contrib
  rake
  rmagick (~> 2.13)
  sinatra (~> 1.4)

BUNDLED WITH
   1.10.6
